GEM
  remote: https://rubygems.org/
  specs:
    activesupport (5.0.1)
      concurrent-ruby (~> 1.0, >= 1.0.2)
      i18n (~> 0.7)
      minitest (~> 5.1)
      tzinfo (~> 1.1)
    brochure (0.5.4)
      hike (~> 1.0)
      rack (~> 1.0)
      tilt (~> 1.1)
    concurrent-ruby (1.0.3)
    dalli (2.7.6)
    execjs (2.7.0)
    hike (1.2.3)
    i18n (0.7.0)
    minitest (5.10.1)
    puma (3.6.2)
    rack (1.6.5)
    rack-cache (1.6.1)
      rack (>= 0.4)
    rack-force_domain (0.3.0)
    rack-ssl (1.4.1)
      rack
    rake (12.0.0)
    rb-fsevent (0.9.8)
    sass (3.4.23)
    sass-globbing (1.1.5)
      sass (>= 3.1)
    sprockets (3.7.1)
      concurrent-ruby (~> 1.0)
      rack (> 1, < 3)
    thread_safe (0.3.5)
    tilt (1.4.1)
    tzinfo (1.2.2)
      thread_safe (~> 0.1)
    uglifier (3.0.4)
      execjs (>= 0.3.0, < 3)

PLATFORMS
  ruby

DEPENDENCIES
  activesupport (~> 5.0.1)
  brochure (~> 0.5.4)
  dalli (~> 2.7.6)
  puma (~> 3.6.2)
  rack (~> 1.6.5)
  rack-cache (~> 1.6.1)
  rack-force_domain (~> 0.3.0)
  rack-ssl (~> 1.4.1)
  rake (~> 12.0.0)
  rb-fsevent (~> 0.9.8)
  sass (~> 3.4.22)
  sass-globbing (~> 1.1.5)
  sprockets (~> 3.7.0)
  uglifier (~> 3.0.4)

RUBY VERSION
   ruby 2.6.5p114

BUNDLED WITH
   1.17.2
